GEM
  remote: http://rubygems.org/
  remote: http://gems.github.com/
  specs:
    builder (3.0.0)
    diff-lcs (1.1.3)
    kamel (0.1.2)
      schleyfox-ruby_kml (>= 0.1.4)
    mixlib-cli (1.2.2)
    nokogiri (1.5.0)
    rspec (2.7.0)
      rspec-core (~> 2.7.0)
      rspec-expectations (~> 2.7.0)
      rspec-mocks (~> 2.7.0)
    rspec-core (2.7.1)
    rspec-expectations (2.7.0)
      diff-lcs (~> 1.1.2)
    rspec-mocks (2.7.0)
    schleyfox-ruby_kml (0.1.6)

PLATFORMS
  ruby

DEPENDENCIES
  builder
  kamel
  mixlib-cli
  nokogiri
  rspec
  schleyfox-ruby_kml
